GIT
  remote: git@github.com:nomilous/we.git
  revision: 78087a7995497c16934c28a3eedacaf0bd98a747
  branch: feature/linking
  specs:
    we (0.0.2)

GEM
  remote: http://rubygems.org/
  remote: http://rubygems.org/
  specs:
    awesome_print (1.1.0)
    coderay (1.0.8)
    diff-lcs (1.1.3)
    guard (1.5.1)
      listen (>= 0.4.2)
      lumberjack (>= 1.0.2)
      pry (>= 0.9.10)
      thor (>= 0.14.6)
    guard-rspec (2.1.0)
      guard (>= 1.1)
      rspec (~> 2.11)
    listen (0.5.3)
    lumberjack (1.0.2)
    method_source (0.8.1)
    pry (0.9.10)
      coderay (~> 1.0.5)
      method_source (~> 0.8)
      slop (~> 3.3.1)
    rake (0.9.2.2)
    rb-fsevent (0.9.2)
    rspec (2.11.0)
      rspec-core (~> 2.11.0)
      rspec-expectations (~> 2.11.0)
      rspec-mocks (~> 2.11.0)
    rspec-core (2.11.1)
    rspec-expectations (2.11.3)
      diff-lcs (~> 1.1.3)
    rspec-mocks (2.11.3)
    slop (3.3.3)
    thor (0.16.0)

PLATFORMS
  ruby

DEPENDENCIES
  awesome_print
  guard
  guard-rspec
  rake
  rb-fsevent
  rspec
  rspec-mocks
  we!
